Brain Vision Data Exchange Header File Version 1.0
; Written using pybv 0.7.6

[Common Infos]
Codepage=UTF-8
DataFile=sub-03_ses-01_task-ssvep_eeg.eeg
MarkerFile=sub-03_ses-01_task-ssvep_eeg.vmrk
DataFormat=BINARY
; Data orientation: MULTIPLEXED=ch1,pt1, ch2,pt1 ...
DataOrientation=MULTIPLEXED
NumberOfChannels=4
; Sampling interval in microseconds
SamplingInterval=3906.25

[Binary Infos]
BinaryFormat=IEEE_FLOAT_32

[Channel Infos]
; Each entry: Ch<Channel number>=<Name>,<Reference channel name>,
; <Resolution in "Unit">,<Unit>, Future extensions..
; Fields are delimited by commas, some fields might be omitted (empty).
; Commas in channel names are coded as "\1".
Ch1=TP9,,0.1,µV
Ch2=AF7,,0.1,µV
Ch3=AF8,,0.1,µV
Ch4=TP10,,0.1,µV

[Comment]

