Brain Vision Data Exchange Header File Version 1.0
; Written using pybv 0.7.6

[Common Infos]
Codepage=UTF-8
DataFile=sub-01_ses-01_task-workload_eeg.eeg
MarkerFile=sub-01_ses-01_task-workload_eeg.vmrk
DataFormat=BINARY
; Data orientation: MULTIPLEXED=ch1,pt1, ch2,pt1 ...
DataOrientation=MULTIPLEXED
NumberOfChannels=8
; Sampling interval in microseconds
SamplingInterval=3906.25

[Binary Infos]
BinaryFormat=IEEE_FLOAT_32

[Channel Infos]
; Each entry: Ch<Channel number>=<Name>,<Reference channel name>,
; <Resolution in "Unit">,<Unit>, Future extensions..
; Fields are delimited by commas, some fields might be omitted (empty).
; Commas in channel names are coded as "\1".
Ch1=Fp1,,0.1,µV
Ch2=Fp2,,0.1,µV
Ch3=C3,,0.1,µV
Ch4=C4,,0.1,µV
Ch5=P3,,0.1,µV
Ch6=P4,,0.1,µV
Ch7=O1,,0.1,µV
Ch8=O2,,0.1,µV

[Comment]

